GEM
  remote: https://rubygems.org/
  specs:
    actioncable (7.0.8)
      actionpack (= 7.0.8)
      activesupport (= 7.0.8)
      nio4r (~> 2.0)
      websocket-driver (>= 0.6.1)
    actionmailbox (7.0.8)
      actionpack (= 7.0.8)
      activejob (= 7.0.8)
      activerecord (= 7.0.8)
      activestorage (= 7.0.8)
      activesupport (= 7.0.8)
      mail (>= 2.7.1)
      net-imap
      net-pop
      net-smtp
    actionmailer (7.0.8)
      actionpack (= 7.0.8)
      actionview (= 7.0.8)
      activejob (= 7.0.8)
      activesupport (= 7.0.8)
      mail (~> 2.5, >= 2.5.4)
      net-imap
      net-pop
      net-smtp
      rails-dom-testing (~> 2.0)
    actionpack (7.0.8)
      actionview (= 7.0.8)
      activesupport (= 7.0.8)
      rack (~> 2.0, >= 2.2.4)
      rack-test (>= 0.6.3)
      rails-dom-testing (~> 2.0)
      rails-html-sanitizer (~> 1.0, >= 1.2.0)
    actiontext (7.0.8)
      actionpack (= 7.0.8)
      activerecord (= 7.0.8)
      activestorage (= 7.0.8)
      activesupport (= 7.0.8)
      globalid (>= 0.6.0)
      nokogiri (>= 1.8.5)
    actionview (7.0.8)
      activesupport (= 7.0.8)
      builder (~> 3.1)
      erubi (~> 1.4)
      rails-dom-testing (~> 2.0)
      rails-html-sanitizer (~> 1.1, >= 1.2.0)
    activejob (7.0.8)
      activesupport (= 7.0.8)
      globalid (>= 0.3.6)
    activemodel (7.0.8)
      activesupport (= 7.0.8)
    activerecord (7.0.8)
      activemodel (= 7.0.8)
      activesupport (= 7.0.8)
    activestorage (7.0.8)
      actionpack (= 7.0.8)
      activejob (= 7.0.8)
      activerecord (= 7.0.8)
      activesupport (= 7.0.8)
      marcel (~> 1.0)
      mini_mime (>= 1.1.0)
    activesupport (7.0.8)
      concurrent-ruby (~> 1.0, >= 1.0.2)
      i18n (>= 1.6, < 2)
      minitest (>= 5.1)
      tzinfo (~> 2.0)
    addressable (2.8.4)
      public_suffix (>= 2.0.2, < 6.0)
    amq-protocol (2.3.2)
    ast (2.4.2)
    autoprefixer-rails (10.4.13.0)
      execjs (~> 2)
    base64 (0.1.1)
    bcrypt (3.1.19)
    bindex (0.8.1)
    blacklight (7.33.1)
      deprecation
      globalid
      hashdiff
      i18n (>= 1.7.0)
      jbuilder (~> 2.7)
      kaminari (>= 0.15)
      ostruct (>= 0.3.2)
      rails (>= 5.1, < 7.1)
      view_component (~> 2.66)
    bootsnap (1.16.0)
      msgpack (~> 1.2)
    bootstrap (4.6.2)
      autoprefixer-rails (>= 9.1.0)
      popper_js (>= 1.16.1, < 2)
      sassc-rails (>= 2.0.0)
    builder (3.2.4)
    bunny (2.22.0)
      amq-protocol (~> 2.3, >= 2.3.1)
      sorted_set (~> 1, >= 1.0.2)
    byebug (11.1.3)
    capybara (3.39.2)
      addressable
      matrix
      mini_mime (>= 0.1.3)
      nokogiri (~> 1.8)
      rack (>= 1.6.0)
      rack-test (>= 0.6.3)
      regexp_parser (>= 1.5, < 3.0)
      xpath (~> 3.2)
    coderay (1.1.3)
    concurrent-ruby (1.2.2)
    config (4.2.1)
      deep_merge (~> 1.2, >= 1.2.1)
      dry-validation (~> 1.0, >= 1.0.0)
    connection_pool (2.4.1)
    crack (0.4.5)
      rexml
    crass (1.0.6)
    date (3.3.3)
    deep_merge (1.2.2)
    deprecation (1.1.0)
      activesupport
    devise (4.9.2)
      bcrypt (~> 3.0)
      orm_adapter (~> 0.1)
      railties (>= 4.1.0)
      responders
      warden (~> 1.2.3)
    devise-guests (0.8.1)
      devise
    diff-lcs (1.5.0)
    dotenv (2.8.1)
    dotenv-rails (2.8.1)
      dotenv (= 2.8.1)
      railties (>= 3.2)
    dry-configurable (1.1.0)
      dry-core (~> 1.0, < 2)
      zeitwerk (~> 2.6)
    dry-core (1.0.0)
      concurrent-ruby (~> 1.0)
      zeitwerk (~> 2.6)
    dry-inflector (1.0.0)
    dry-initializer (3.1.1)
    dry-logic (1.5.0)
      concurrent-ruby (~> 1.0)
      dry-core (~> 1.0, < 2)
      zeitwerk (~> 2.6)
    dry-schema (1.13.2)
      concurrent-ruby (~> 1.0)
      dry-configurable (~> 1.0, >= 1.0.1)
      dry-core (~> 1.0, < 2)
      dry-initializer (~> 3.0)
      dry-logic (>= 1.4, < 2)
      dry-types (>= 1.7, < 2)
      zeitwerk (~> 2.6)
    dry-types (1.7.1)
      concurrent-ruby (~> 1.0)
      dry-core (~> 1.0)
      dry-inflector (~> 1.0)
      dry-logic (~> 1.4)
      zeitwerk (~> 2.6)
    dry-validation (1.10.0)
      concurrent-ruby (~> 1.0)
      dry-core (~> 1.0, < 2)
      dry-initializer (~> 3.0)
      dry-schema (>= 1.12, < 2)
      zeitwerk (~> 2.6)
    erubi (1.12.0)
    excon (0.102.0)
    execjs (2.8.1)
    factory_bot (6.2.1)
      activesupport (>= 5.0.0)
    factory_bot_rails (6.2.0)
      factory_bot (~> 6.2.0)
      railties (>= 5.0.0)
    faraday (2.7.10)
      faraday-net_http (>= 2.0, < 3.1)
      ruby2_keywords (>= 0.0.4)
    faraday-net_http (3.0.2)
    faraday-net_http_persistent (2.1.0)
      faraday (~> 2.5)
      net-http-persistent (~> 4.0)
    ffi (1.15.5)
    fog-aws (3.19.0)
      fog-core (~> 2.1)
      fog-json (~> 1.1)
      fog-xml (~> 0.1)
    fog-core (2.3.0)
      builder
      excon (~> 0.71)
      formatador (>= 0.2, < 2.0)
      mime-types
    fog-json (1.2.0)
      fog-core
      multi_json (~> 1.10)
    fog-xml (0.1.4)
      fog-core
      nokogiri (>= 1.5.11, < 2.0.0)
    formatador (1.1.0)
    geo_combine (0.8.0)
      activesupport
      faraday-net_http_persistent (~> 2.0)
      git
      json-schema
      nokogiri
      rsolr
      sanitize
      thor
    geoblacklight (4.1.0)
      blacklight (~> 7.33)
      coderay
      config
      deprecation
      faraday (>= 1.0)
      geo_combine (~> 0.8)
      handlebars_assets
      mime-types
      rails (>= 6.1, < 7.1)
      rgeo-geojson
    geoserver-publish (0.6.0)
      faraday (~> 2.2)
    git (1.18.0)
      addressable (~> 2.8)
      rchardet (~> 1.8)
    globalid (1.1.0)
      activesupport (>= 5.0)
    google-protobuf (3.23.4)
    google-protobuf (3.23.4-x86_64-linux)
    googleapis-common-protos-types (1.7.0)
      google-protobuf (~> 3.14)
    hana (1.3.7)
    handlebars_assets (0.23.9)
      execjs (~> 2.0)
      sprockets (>= 2.0.0)
      tilt (>= 1.2)
    hashdiff (1.0.1)
    i18n (1.14.1)
      concurrent-ruby (~> 1.0)
    jbuilder (2.11.5)
      actionview (>= 5.0.0)
      activesupport (>= 5.0.0)
    jquery-rails (4.6.0)
      rails-dom-testing (>= 1, < 3)
      railties (>= 4.2.0)
      thor (>= 0.14, < 2.0)
    json (2.6.3)
    json-schema (4.0.0)
      addressable (>= 2.8)
    json_schemer (2.0.0)
      hana (~> 1.3)
      regexp_parser (~> 2.0)
      simpleidn (~> 0.2)
    kaminari (1.2.2)
      activesupport (>= 4.1.0)
      kaminari-actionview (= 1.2.2)
      kaminari-activerecord (= 1.2.2)
      kaminari-core (= 1.2.2)
    kaminari-actionview (1.2.2)
      actionview
      kaminari-core (= 1.2.2)
    kaminari-activerecord (1.2.2)
      activerecord
      kaminari-core (= 1.2.2)
    kaminari-core (1.2.2)
    language_server-protocol (3.17.0.3)
    launchy (2.5.2)
      addressable (~> 2.8)
    letter_opener (1.8.1)
      launchy (>= 2.2, < 3)
    letter_opener_web (2.0.0)
      actionmailer (>= 5.2)
      letter_opener (~> 1.7)
      railties (>= 5.2)
      rexml
    lint_roller (1.1.0)
    listen (3.8.0)
      rb-fsevent (~> 0.10, >= 0.10.3)
      rb-inotify (~> 0.9, >= 0.9.10)
    loofah (2.21.3)
      crass (~> 1.0.2)
      nokogiri (>= 1.12.0)
    mail (2.8.1)
      mini_mime (>= 0.1.1)
      net-imap
      net-pop
      net-smtp
    marcel (1.0.2)
    matrix (0.4.2)
    method_source (1.0.0)
    mime-types (3.5.1)
      mime-types-data (~> 3.2015)
    mime-types-data (3.2023.0808)
    mimemagic (0.4.3)
      nokogiri (~> 1)
      rake
    mini_mime (1.1.5)
    mini_portile2 (2.8.4)
    minitest (5.19.0)
    msgpack (1.7.2)
    multi_json (1.15.0)
    net-http-persistent (4.0.2)
      connection_pool (~> 2.2)
    net-imap (0.3.7)
      date
      net-protocol
    net-pop (0.1.2)
      net-protocol
    net-protocol (0.2.1)
      timeout
    net-smtp (0.3.3)
      net-protocol
    nio4r (2.5.9)
    nokogiri (1.15.4)
      mini_portile2 (~> 2.8.2)
      racc (~> 1.4)
    nokogiri (1.15.4-x86_64-linux)
      racc (~> 1.4)
    okcomputer (1.18.4)
    opentelemetry-api (1.1.0)
    opentelemetry-common (0.20.0)
      opentelemetry-api (~> 1.0)
    opentelemetry-exporter-otlp (0.26.0)
      google-protobuf (~> 3.19)
      googleapis-common-protos-types (~> 1.3)
      opentelemetry-api (~> 1.1)
      opentelemetry-common (~> 0.20)
      opentelemetry-sdk (~> 1.2)
      opentelemetry-semantic_conventions
    opentelemetry-instrumentation-action_pack (0.7.0)
      opentelemetry-api (~> 1.0)
      opentelemetry-instrumentation-base (~> 0.22.1)
      opentelemetry-instrumentation-rack (~> 0.21)
    opentelemetry-instrumentation-action_view (0.6.0)
      opentelemetry-api (~> 1.0)
      opentelemetry-instrumentation-active_support (~> 0.1)
      opentelemetry-instrumentation-base (~> 0.22.1)
    opentelemetry-instrumentation-active_job (0.5.1)
      opentelemetry-api (~> 1.0)
      opentelemetry-instrumentation-base (~> 0.22.1)
    opentelemetry-instrumentation-active_model_serializers (0.20.1)
      opentelemetry-api (~> 1.0)
      opentelemetry-instrumentation-base (~> 0.22.1)
    opentelemetry-instrumentation-active_record (0.6.1)
      opentelemetry-api (~> 1.0)
      opentelemetry-instrumentation-base (~> 0.22.1)
      ruby2_keywords
    opentelemetry-instrumentation-active_support (0.4.1)
      opentelemetry-api (~> 1.0)
      opentelemetry-instrumentation-base (~> 0.22.1)
    opentelemetry-instrumentation-all (0.39.1)
      opentelemetry-instrumentation-active_model_serializers (~> 0.20.1)
      opentelemetry-instrumentation-aws_sdk (~> 0.4.1)
      opentelemetry-instrumentation-bunny (~> 0.20.1)
      opentelemetry-instrumentation-concurrent_ruby (~> 0.21.1)
      opentelemetry-instrumentation-dalli (~> 0.24.1)
      opentelemetry-instrumentation-delayed_job (~> 0.20.1)
      opentelemetry-instrumentation-ethon (~> 0.21.1)
      opentelemetry-instrumentation-excon (~> 0.21.1)
      opentelemetry-instrumentation-faraday (~> 0.23.1)
      opentelemetry-instrumentation-grape (~> 0.1.3)
      opentelemetry-instrumentation-graphql (~> 0.26.2)
      opentelemetry-instrumentation-http (~> 0.23.1)
      opentelemetry-instrumentation-http_client (~> 0.22.1)
      opentelemetry-instrumentation-koala (~> 0.20.1)
      opentelemetry-instrumentation-lmdb (~> 0.22.1)
      opentelemetry-instrumentation-mongo (~> 0.22.1)
      opentelemetry-instrumentation-mysql2 (~> 0.24.2)
      opentelemetry-instrumentation-net_http (~> 0.22.1)
      opentelemetry-instrumentation-pg (~> 0.25.2)
      opentelemetry-instrumentation-que (~> 0.6.1)
      opentelemetry-instrumentation-racecar (~> 0.2.1)
      opentelemetry-instrumentation-rack (~> 0.23.1)
      opentelemetry-instrumentation-rails (~> 0.27.1)
      opentelemetry-instrumentation-rake (~> 0.2.1)
      opentelemetry-instrumentation-rdkafka (~> 0.3.1)
      opentelemetry-instrumentation-redis (~> 0.25.1)
      opentelemetry-instrumentation-resque (~> 0.4.1)
      opentelemetry-instrumentation-restclient (~> 0.22.1)
      opentelemetry-instrumentation-ruby_kafka (~> 0.20.1)
      opentelemetry-instrumentation-sidekiq (~> 0.24.1)
      opentelemetry-instrumentation-sinatra (~> 0.23.1)
      opentelemetry-instrumentation-trilogy (~> 0.56.1)
    opentelemetry-instrumentation-aws_sdk (0.4.1)
      opentelemetry-api (~> 1.0)
      opentelemetry-instrumentation-base (~> 0.22.1)
    opentelemetry-instrumentation-base (0.22.1)
      opentelemetry-api (~> 1.0)
      opentelemetry-registry (~> 0.1)
    opentelemetry-instrumentation-bunny (0.20.1)
      opentelemetry-api (~> 1.0)
      opentelemetry-instrumentation-base (~> 0.22.1)
    opentelemetry-instrumentation-concurrent_ruby (0.21.1)
      opentelemetry-api (~> 1.0)
      opentelemetry-instrumentation-base (~> 0.22.1)
    opentelemetry-instrumentation-dalli (0.24.2)
      opentelemetry-api (~> 1.0)
      opentelemetry-common (~> 0.20.0)
      opentelemetry-instrumentation-base (~> 0.22.1)
    opentelemetry-instrumentation-delayed_job (0.20.1)
      opentelemetry-api (~> 1.0)
      opentelemetry-instrumentation-base (~> 0.22.1)
    opentelemetry-instrumentation-ethon (0.21.2)
      opentelemetry-api (~> 1.0)
      opentelemetry-common (~> 0.20.0)
      opentelemetry-instrumentation-base (~> 0.22.1)
    opentelemetry-instrumentation-excon (0.21.2)
      opentelemetry-api (~> 1.0)
      opentelemetry-common (~> 0.20.0)
      opentelemetry-instrumentation-base (~> 0.22.1)
    opentelemetry-instrumentation-faraday (0.23.2)
      opentelemetry-api (~> 1.0)
      opentelemetry-common (~> 0.20.0)
      opentelemetry-instrumentation-base (~> 0.22.1)
    opentelemetry-instrumentation-grape (0.1.3)
      opentelemetry-api (~> 1.1.0)
      opentelemetry-instrumentation-base (~> 0.22.1)
      opentelemetry-instrumentation-rack (~> 0.21)
    opentelemetry-instrumentation-graphql (0.26.3)
      opentelemetry-api (~> 1.0)
      opentelemetry-instrumentation-base (~> 0.22.1)
    opentelemetry-instrumentation-http (0.23.1)
      opentelemetry-api (~> 1.0)
      opentelemetry-instrumentation-base (~> 0.22.1)
    opentelemetry-instrumentation-http_client (0.22.2)
      opentelemetry-api (~> 1.0)
      opentelemetry-common (~> 0.20.0)
      opentelemetry-instrumentation-base (~> 0.22.1)
    opentelemetry-instrumentation-koala (0.20.2)
      opentelemetry-api (~> 1.0)
      opentelemetry-common (~> 0.20.0)
      opentelemetry-instrumentation-base (~> 0.22.1)
    opentelemetry-instrumentation-lmdb (0.22.1)
      opentelemetry-api (~> 1.0)
      opentelemetry-instrumentation-base (~> 0.22.1)
    opentelemetry-instrumentation-mongo (0.22.1)
      opentelemetry-api (~> 1.0)
      opentelemetry-instrumentation-base (~> 0.22.1)
    opentelemetry-instrumentation-mysql2 (0.24.2)
      opentelemetry-api (~> 1.0)
      opentelemetry-instrumentation-base (~> 0.22.1)
    opentelemetry-instrumentation-net_http (0.22.2)
      opentelemetry-api (~> 1.0)
      opentelemetry-common (~> 0.20.0)
      opentelemetry-instrumentation-base (~> 0.22.1)
    opentelemetry-instrumentation-pg (0.25.3)
      opentelemetry-api (~> 1.0)
      opentelemetry-instrumentation-base (~> 0.22.1)
    opentelemetry-instrumentation-que (0.6.1)
      opentelemetry-api (~> 1.0)
      opentelemetry-instrumentation-base (~> 0.22.1)
    opentelemetry-instrumentation-racecar (0.2.1)
      opentelemetry-api (~> 1.0)
      opentelemetry-instrumentation-base (~> 0.22.1)
    opentelemetry-instrumentation-rack (0.23.3)
      opentelemetry-api (~> 1.0)
      opentelemetry-common (~> 0.20.0)
      opentelemetry-instrumentation-base (~> 0.22.1)
    opentelemetry-instrumentation-rails (0.27.1)
      opentelemetry-api (~> 1.0)
      opentelemetry-instrumentation-action_pack (~> 0.7.0)
      opentelemetry-instrumentation-action_view (~> 0.6.0)
      opentelemetry-instrumentation-active_job (~> 0.5.1)
      opentelemetry-instrumentation-active_record (~> 0.6.1)
      opentelemetry-instrumentation-active_support (~> 0.4.1)
      opentelemetry-instrumentation-base (~> 0.22.1)
    opentelemetry-instrumentation-rake (0.2.1)
      opentelemetry-api (~> 1.0)
      opentelemetry-instrumentation-base (~> 0.22.1)
    opentelemetry-instrumentation-rdkafka (0.3.2)
      opentelemetry-api (~> 1.0)
      opentelemetry-common (~> 0.20.0)
      opentelemetry-instrumentation-base (~> 0.22.1)
    opentelemetry-instrumentation-redis (0.25.2)
      opentelemetry-api (~> 1.0)
      opentelemetry-common (~> 0.20.0)
      opentelemetry-instrumentation-base (~> 0.22.1)
    opentelemetry-instrumentation-resque (0.4.1)
      opentelemetry-api (~> 1.0)
      opentelemetry-instrumentation-base (~> 0.22.1)
    opentelemetry-instrumentation-restclient (0.22.2)
      opentelemetry-api (~> 1.0)
      opentelemetry-common (~> 0.20.0)
      opentelemetry-instrumentation-base (~> 0.22.1)
    opentelemetry-instrumentation-ruby_kafka (0.20.1)
      opentelemetry-api (~> 1.0)
      opentelemetry-instrumentation-base (~> 0.22.1)
    opentelemetry-instrumentation-sidekiq (0.24.2)
      opentelemetry-api (~> 1.0)
      opentelemetry-common (~> 0.20.0)
      opentelemetry-instrumentation-base (~> 0.22.1)
    opentelemetry-instrumentation-sinatra (0.23.2)
      opentelemetry-api (~> 1.0)
      opentelemetry-common (~> 0.20.0)
      opentelemetry-instrumentation-base (~> 0.22.1)
      opentelemetry-instrumentation-rack (~> 0.21)
    opentelemetry-instrumentation-trilogy (0.56.2)
      opentelemetry-api (~> 1.0)
      opentelemetry-instrumentation-base (~> 0.22.1)
      opentelemetry-semantic_conventions (>= 1.8.0)
    opentelemetry-registry (0.3.0)
      opentelemetry-api (~> 1.1)
    opentelemetry-sdk (1.3.0)
      opentelemetry-api (~> 1.1)
      opentelemetry-common (~> 0.20)
      opentelemetry-registry (~> 0.2)
      opentelemetry-semantic_conventions
    opentelemetry-semantic_conventions (1.10.0)
      opentelemetry-api (~> 1.0)
    optimist (3.1.0)
    orm_adapter (0.5.0)
    ostruct (0.5.5)
    parallel (1.23.0)
    parser (3.2.2.3)
      ast (~> 2.4.1)
      racc
    pg (1.5.3)
    popper_js (1.16.1)
    pry (0.14.2)
      coderay (~> 1.1)
      method_source (~> 1.0)
    pry-rails (0.3.9)
      pry (>= 0.10.4)
    public_suffix (5.0.3)
    puma (6.3.1)
      nio4r (~> 2.0)
    racc (1.7.1)
    rack (2.2.8)
    rack-test (2.1.0)
      rack (>= 1.3)
    rails (7.0.8)
      actioncable (= 7.0.8)
      actionmailbox (= 7.0.8)
      actionmailer (= 7.0.8)
      actionpack (= 7.0.8)
      actiontext (= 7.0.8)
      actionview (= 7.0.8)
      activejob (= 7.0.8)
      activemodel (= 7.0.8)
      activerecord (= 7.0.8)
      activestorage (= 7.0.8)
      activesupport (= 7.0.8)
      bundler (>= 1.15.0)
      railties (= 7.0.8)
    rails-dom-testing (2.1.1)
      activesupport (>= 5.0.0)
      minitest
      nokogiri (>= 1.6)
    rails-html-sanitizer (1.6.0)
      loofah (~> 2.21)
      nokogiri (~> 1.14)
    railties (7.0.8)
      actionpack (= 7.0.8)
      activesupport (= 7.0.8)
      method_source
      rake (>= 12.2)
      thor (~> 1.0)
      zeitwerk (~> 2.5)
    rainbow (3.1.1)
    rake (13.0.6)
    rb-fsevent (0.11.2)
    rb-inotify (0.10.1)
      ffi (~> 1.0)
    rbtree (0.4.6)
    rchardet (1.8.0)
    regexp_parser (2.8.1)
    responders (3.1.0)
      actionpack (>= 5.2)
      railties (>= 5.2)
    rexml (3.2.6)
    rgeo (3.0.0)
    rgeo-geojson (2.1.1)
      rgeo (>= 1.0.0)
    rsolr (2.5.0)
      builder (>= 2.1.2)
      faraday (>= 0.9, < 3, != 2.0.0)
    rspec-core (3.12.2)
      rspec-support (~> 3.12.0)
    rspec-expectations (3.12.3)
      diff-lcs (>= 1.2.0, < 2.0)
      rspec-support (~> 3.12.0)
    rspec-its (1.3.0)
      rspec-core (>= 3.0.0)
      rspec-expectations (>= 3.0.0)
    rspec-mocks (3.12.6)
      diff-lcs (>= 1.2.0, < 2.0)
      rspec-support (~> 3.12.0)
    rspec-rails (6.0.3)
      actionpack (>= 6.1)
      activesupport (>= 6.1)
      railties (>= 6.1)
      rspec-core (~> 3.12)
      rspec-expectations (~> 3.12)
      rspec-mocks (~> 3.12)
      rspec-support (~> 3.12)
    rspec-support (3.12.1)
    rspec_junit_formatter (0.6.0)
      rspec-core (>= 2, < 4, != 2.12.0)
    rubocop (1.56.3)
      base64 (~> 0.1.1)
      json (~> 2.3)
      language_server-protocol (>= 3.17.0)
      parallel (~> 1.10)
      parser (>= 3.2.2.3)
      rainbow (>= 2.2.2, < 4.0)
      regexp_parser (>= 1.8, < 3.0)
      rexml (>= 3.2.5, < 4.0)
      rubocop-ast (>= 1.28.1, < 2.0)
      ruby-progressbar (~> 1.7)
      unicode-display_width (>= 2.4.0, < 3.0)
    rubocop-ast (1.29.0)
      parser (>= 3.2.1.0)
    rubocop-performance (1.19.0)
      rubocop (>= 1.7.0, < 2.0)
      rubocop-ast (>= 0.4.0)
    ruby-progressbar (1.13.0)
    ruby2_keywords (0.0.5)
    sanitize (6.0.2)
      crass (~> 1.0.2)
      nokogiri (>= 1.12.0)
    sass-rails (6.0.0)
      sassc-rails (~> 2.1, >= 2.1.1)
    sassc (2.4.0)
      ffi (~> 1.9)
    sassc-rails (2.1.2)
      railties (>= 4.0.0)
      sassc (>= 2.0)
      sprockets (> 3.0)
      sprockets-rails
      tilt
    set (1.0.3)
    simpleidn (0.2.1)
      unf (~> 0.1.4)
    sorted_set (1.0.3)
      rbtree
      set (~> 1.0)
    sprockets (4.2.0)
      concurrent-ruby (~> 1.0)
      rack (>= 2.2.4, < 4)
    sprockets-rails (3.4.2)
      actionpack (>= 5.2)
      activesupport (>= 5.2)
      sprockets (>= 3.0.0)
    standard (1.31.1)
      language_server-protocol (~> 3.17.0.2)
      lint_roller (~> 1.0)
      rubocop (~> 1.56.2)
      standard-custom (~> 1.0.0)
      standard-performance (~> 1.2)
    standard-custom (1.0.2)
      lint_roller (~> 1.0)
      rubocop (~> 1.50)
    standard-performance (1.2.0)
      lint_roller (~> 1.1)
      rubocop-performance (~> 1.19.0)
    thor (1.2.2)
    tilt (2.2.0)
    timeout (0.4.0)
    turbolinks (5.2.1)
      turbolinks-source (~> 5.2)
    turbolinks-source (5.2.0)
    twitter-typeahead-rails (0.11.1)
      actionpack (>= 3.1)
      jquery-rails
      railties (>= 3.1)
    tzinfo (2.0.6)
      concurrent-ruby (~> 1.0)
    tzinfo-data (1.2023.3)
      tzinfo (>= 1.0.0)
    uglifier (4.2.0)
      execjs (>= 0.3.0, < 3)
    unf (0.1.4)
      unf_ext
    unf_ext (0.0.8.2)
    unicode-display_width (2.4.2)
    view_component (2.82.0)
      activesupport (>= 5.2.0, < 8.0)
      concurrent-ruby (~> 1.0)
      method_source (~> 1.0)
    warden (1.2.9)
      rack (>= 2.0.9)
    web-console (4.2.0)
      actionview (>= 6.0.0)
      activemodel (>= 6.0.0)
      bindex (>= 0.4.0)
      railties (>= 6.0.0)
    webmock (3.18.1)
      addressable (>= 2.8.0)
      crack (>= 0.3.2)
      hashdiff (>= 0.4.0, < 2.0.0)
    websocket-driver (0.7.6)
      websocket-extensions (>= 0.1.0)
    websocket-extensions (0.1.5)
    xpath (3.2.0)
      nokogiri (~> 1.8)
    zeitwerk (2.6.11)

PLATFORMS
  ruby
  x86_64-linux
  x86_64-linux-musl

DEPENDENCIES
  blacklight (= 7.33.1)
  bootsnap (>= 1.1.0)
  bootstrap (~> 4.3)
  bunny (= 2.22.0)
  byebug
  capybara
  devise (~> 4.6)
  devise-guests (~> 0.6)
  dotenv-rails (~> 2.7)
  factory_bot_rails
  fog-aws (= 3.19.0)
  geoblacklight (= 4.1.0)
  geoserver-publish (= 0.6.0)
  jbuilder (~> 2.5)
  jquery-rails (~> 4.3)
  json_schemer (= 2.0.0)
  letter_opener_web
  listen (= 3.8.0)
  mimemagic (= 0.4.3)
  nokogiri (~> 1.15.0)
  okcomputer (~> 1.18)
  opentelemetry-exporter-otlp
  opentelemetry-instrumentation-all
  opentelemetry-sdk
  optimist
  pg (~> 1.5.0)
  pry-rails (~> 0.3)
  puma (= 6.3.1)
  rails (= 7.0.8)
  rsolr (>= 1.0, < 3)
  rspec-its
  rspec-rails (~> 6.0)
  rspec_junit_formatter
  sass-rails (~> 6.0)
  standard (= 1.31.1)
  turbolinks (~> 5.2)
  twitter-typeahead-rails (= 0.11.1)
  tzinfo-data (~> 1.2023.0)
  uglifier (>= 1.3.0)
  view_component (< 2.82.1)
  web-console
  webmock

BUNDLED WITH
   2.4.10
