GIT
  remote: https://github.com/samvera-labs/hyrax-acl.git
  revision: f4b1eb54268f054a0cb016cbc0c4d5869cbc24e6
  specs:
    hyrax-acl (0.1.0)
      valkyrie (> 2, < 4)

PATH
  remote: ../gems/surfliner_schema
  specs:
    surfliner_schema (0.1.0.pre)
      activesupport
      valkyrie (>= 2.2, < 4)

GEM
  remote: https://rubygems.org/
  specs:
    actioncable (7.0.4.3)
      actionpack (= 7.0.4.3)
      activesupport (= 7.0.4.3)
      nio4r (~> 2.0)
      websocket-driver (>= 0.6.1)
    actionmailbox (7.0.4.3)
      actionpack (= 7.0.4.3)
      activejob (= 7.0.4.3)
      activerecord (= 7.0.4.3)
      activestorage (= 7.0.4.3)
      activesupport (= 7.0.4.3)
      mail (>= 2.7.1)
      net-imap
      net-pop
      net-smtp
    actionmailer (7.0.4.3)
      actionpack (= 7.0.4.3)
      actionview (= 7.0.4.3)
      activejob (= 7.0.4.3)
      activesupport (= 7.0.4.3)
      mail (~> 2.5, >= 2.5.4)
      net-imap
      net-pop
      net-smtp
      rails-dom-testing (~> 2.0)
    actionpack (7.0.4.3)
      actionview (= 7.0.4.3)
      activesupport (= 7.0.4.3)
      rack (~> 2.0, >= 2.2.0)
      rack-test (>= 0.6.3)
      rails-dom-testing (~> 2.0)
      rails-html-sanitizer (~> 1.0, >= 1.2.0)
    actiontext (7.0.4.3)
      actionpack (= 7.0.4.3)
      activerecord (= 7.0.4.3)
      activestorage (= 7.0.4.3)
      activesupport (= 7.0.4.3)
      globalid (>= 0.6.0)
      nokogiri (>= 1.8.5)
    actionview (7.0.4.3)
      activesupport (= 7.0.4.3)
      builder (~> 3.1)
      erubi (~> 1.4)
      rails-dom-testing (~> 2.0)
      rails-html-sanitizer (~> 1.1, >= 1.2.0)
    activejob (7.0.4.3)
      activesupport (= 7.0.4.3)
      globalid (>= 0.3.6)
    activemodel (7.0.4.3)
      activesupport (= 7.0.4.3)
    activerecord (7.0.4.3)
      activemodel (= 7.0.4.3)
      activesupport (= 7.0.4.3)
    activestorage (7.0.4.3)
      actionpack (= 7.0.4.3)
      activejob (= 7.0.4.3)
      activerecord (= 7.0.4.3)
      activesupport (= 7.0.4.3)
      marcel (~> 1.0)
      mini_mime (>= 1.1.0)
    activesupport (7.0.4.3)
      concurrent-ruby (~> 1.0, >= 1.0.2)
      i18n (>= 1.6, < 2)
      minitest (>= 5.1)
      tzinfo (~> 2.0)
    ast (2.4.2)
    bootsnap (1.16.0)
      msgpack (~> 1.2)
    builder (3.2.4)
    concurrent-ruby (1.1.10)
    crass (1.0.6)
    debug (1.7.1)
      irb (>= 1.5.0)
      reline (>= 0.3.1)
    declarative (0.0.20)
    diff-lcs (1.5.0)
    digest (3.1.1)
    disposable (0.6.3)
      declarative (>= 0.0.9, < 1.0.0)
      representable (>= 3.1.1, < 4)
    dry-container (0.10.1)
      concurrent-ruby (~> 1.0)
    dry-core (0.8.1)
      concurrent-ruby (~> 1.0)
    dry-inflector (0.3.0)
    dry-logic (1.2.0)
      concurrent-ruby (~> 1.0)
      dry-core (~> 0.5, >= 0.5)
    dry-struct (1.4.0)
      dry-core (~> 0.5, >= 0.5)
      dry-types (~> 1.5)
      ice_nine (~> 0.11)
    dry-types (1.5.1)
      concurrent-ruby (~> 1.0)
      dry-container (~> 0.3)
      dry-core (~> 0.5, >= 0.5)
      dry-inflector (~> 0.1, >= 0.1.2)
      dry-logic (~> 1.0, >= 1.0.2)
    erubi (1.11.0)
    faraday (2.5.2)
      faraday-net_http (>= 2.0, < 3.1)
      ruby2_keywords (>= 0.0.4)
    faraday-multipart (1.0.4)
      multipart-post (~> 2)
    faraday-net_http (3.0.0)
    globalid (1.0.1)
      activesupport (>= 5.0)
    htmlentities (4.3.4)
    i18n (1.12.0)
      concurrent-ruby (~> 1.0)
    ice_nine (0.11.2)
    io-console (0.5.11)
    irb (1.6.3)
      reline (>= 0.3.0)
    json (2.6.3)
    json-canonicalization (0.3.0)
    json-ld (3.2.3)
      htmlentities (~> 4.3)
      json-canonicalization (~> 0.3)
      link_header (~> 0.0, >= 0.0.8)
      multi_json (~> 1.15)
      rack (~> 2.2)
      rdf (~> 3.2, >= 3.2.9)
    language_server-protocol (3.17.0.2)
    link_header (0.0.8)
    loofah (2.19.1)
      crass (~> 1.0.2)
      nokogiri (>= 1.5.9)
    mail (2.7.1)
      mini_mime (>= 0.1.1)
    marcel (1.0.2)
    method_source (1.0.0)
    mini_mime (1.1.2)
    mini_portile2 (2.8.1)
    minitest (5.16.3)
    msgpack (1.6.1)
    multi_json (1.15.0)
    multipart-post (2.2.3)
    net-imap (0.2.3)
      digest
      net-protocol
      strscan
    net-pop (0.1.2)
      net-protocol
    net-protocol (0.1.3)
      timeout
    net-smtp (0.3.3)
      net-protocol
    nio4r (2.5.8)
    nokogiri (1.13.10)
      mini_portile2 (~> 2.8.0)
      racc (~> 1.4)
    oj (3.13.21)
    okcomputer (1.18.4)
    parallel (1.22.1)
    parser (3.1.3.0)
      ast (~> 2.4.1)
    pg (1.4.6)
    puma (5.6.5)
      nio4r (~> 2.0)
    racc (1.6.2)
    rack (2.2.6.4)
    rack-test (2.0.2)
      rack (>= 1.3)
    rails (7.0.4.3)
      actioncable (= 7.0.4.3)
      actionmailbox (= 7.0.4.3)
      actionmailer (= 7.0.4.3)
      actionpack (= 7.0.4.3)
      actiontext (= 7.0.4.3)
      actionview (= 7.0.4.3)
      activejob (= 7.0.4.3)
      activemodel (= 7.0.4.3)
      activerecord (= 7.0.4.3)
      activestorage (= 7.0.4.3)
      activesupport (= 7.0.4.3)
      bundler (>= 1.15.0)
      railties (= 7.0.4.3)
    rails-dom-testing (2.0.3)
      activesupport (>= 4.2.0)
      nokogiri (>= 1.6)
    rails-html-sanitizer (1.4.4)
      loofah (~> 2.19, >= 2.19.1)
    railties (7.0.4.3)
      actionpack (= 7.0.4.3)
      activesupport (= 7.0.4.3)
      method_source
      rake (>= 12.2)
      thor (~> 1.0)
      zeitwerk (~> 2.5)
    rainbow (3.1.1)
    rake (13.0.6)
    rdf (3.2.9)
      link_header (~> 0.0, >= 0.0.8)
    rdf-vocab (3.2.1)
      rdf (~> 3.2, >= 3.2.4)
    reform (2.6.2)
      disposable (>= 0.5.0, < 1.0.0)
      representable (>= 3.1.1, < 4)
      uber (< 0.2.0)
    reform-rails (0.2.3)
      activemodel (>= 5.0)
      reform (>= 2.3.1, < 3.0.0)
    regexp_parser (2.6.1)
    reline (0.3.2)
      io-console (~> 0.5)
    representable (3.2.0)
      declarative (< 0.1.0)
      trailblazer-option (>= 0.1.1, < 0.2.0)
      uber (< 0.2.0)
    rexml (3.2.5)
    rspec-core (3.11.0)
      rspec-support (~> 3.11.0)
    rspec-expectations (3.11.0)
      diff-lcs (>= 1.2.0, < 2.0)
      rspec-support (~> 3.11.0)
    rspec-mocks (3.11.1)
      diff-lcs (>= 1.2.0, < 2.0)
      rspec-support (~> 3.11.0)
    rspec-rails (5.1.2)
      actionpack (>= 5.2)
      activesupport (>= 5.2)
      railties (>= 5.2)
      rspec-core (~> 3.10)
      rspec-expectations (~> 3.10)
      rspec-mocks (~> 3.10)
      rspec-support (~> 3.10)
    rspec-support (3.11.0)
    rspec_junit_formatter (0.5.1)
      rspec-core (>= 2, < 4, != 2.12.0)
    rubocop (1.39.0)
      json (~> 2.3)
      parallel (~> 1.10)
      parser (>= 3.1.2.1)
      rainbow (>= 2.2.2, < 4.0)
      regexp_parser (>= 1.8, < 3.0)
      rexml (>= 3.2.5, < 4.0)
      rubocop-ast (>= 1.23.0, < 2.0)
      ruby-progressbar (~> 1.7)
      unicode-display_width (>= 1.4.0, < 3.0)
    rubocop-ast (1.24.0)
      parser (>= 3.1.1.0)
    rubocop-performance (1.15.1)
      rubocop (>= 1.7.0, < 2.0)
      rubocop-ast (>= 0.4.0)
    ruby-progressbar (1.11.0)
    ruby2_keywords (0.0.5)
    sequel (5.60.0)
    sequel_pg (1.16.0)
      pg (>= 0.18.0, != 1.2.0)
      sequel (>= 4.38.0)
    standard (1.19.1)
      language_server-protocol (~> 3.17.0.2)
      rubocop (= 1.39.0)
      rubocop-performance (= 1.15.1)
    strscan (3.0.6)
    thor (1.2.1)
    timeout (0.3.2)
    trailblazer-option (0.1.2)
    tzinfo (2.0.6)
      concurrent-ruby (~> 1.0)
    uber (0.1.0)
    unicode-display_width (2.3.0)
    valkyrie (3.0.0.pre.rc.1)
      activemodel
      activesupport
      dry-struct
      dry-types (~> 1.0)
      faraday (>= 0.9, < 3, != 2.0.0)
      faraday-multipart
      json
      json-ld
      railties
      rdf (~> 3.0, >= 3.0.10)
      rdf-vocab
      reform (~> 2.2)
      reform-rails
    valkyrie-sequel (3.0.0.pre.beta.1)
      oj (~> 3.0)
      sequel (~> 5.0)
      sequel_pg (~> 1.0)
      valkyrie (>= 3.0.0.pre.beta.1)
    websocket-driver (0.7.5)
      websocket-extensions (>= 0.1.0)
    websocket-extensions (0.1.5)
    zeitwerk (2.6.7)

PLATFORMS
  ruby
  x86_64-linux

DEPENDENCIES
  bootsnap (= 1.16.0)
  debug (= 1.7.1)
  hyrax-acl!
  okcomputer (= 1.18.4)
  pg (= 1.4.6)
  puma (= 5.6.5)
  rack-test
  rails (= 7.0.4.3)
  rspec-rails (= 5.1.2)
  rspec_junit_formatter (= 0.5.1)
  standard (= 1.19.1)
  surfliner_schema!
  tzinfo-data (= 2.0.4)
  valkyrie (= 3.0.0.pre.rc.1)
  valkyrie-sequel (= 3.0.0.pre.beta.1)

BUNDLED WITH
   2.3.18
